GEM
  remote: http://gems.local.twitter.com/
  specs:
    rack (1.4.1)
    rack-protection (1.2.0)
      rack
    rack-reverse-proxy (0.4.4)
      rack (>= 1.0.0)
    sinatra (1.3.2)
      rack (~> 1.3, >= 1.3.6)
      rack-protection (~> 1.2)
      tilt (~> 1.3, >= 1.3.3)
    tilt (1.3.3)

PLATFORMS
  ruby

DEPENDENCIES
  rack-reverse-proxy
  sinatra (= 1.3.2)
