PATH
  remote: ./gems/rack-reverse-proxy
  specs:
    rack-reverse-proxy (0.4.4)
      rack (>= 1.0.0)

GEM
  remote: http://rubygems.org/
  specs:
    daemons (1.0.10)
    eventmachine (0.12.10)
    rack (1.4.1)
    rack-protection (1.2.0)
      rack
    rack-ssl-enforcer (0.2.4)
    sinatra (1.3.2)
      rack (~> 1.3, >= 1.3.6)
      rack-protection (~> 1.2)
      tilt (~> 1.3, >= 1.3.3)
    thin (1.3.1)
      daemons (>= 1.0.9)
      eventmachine (>= 0.12.6)
      rack (>= 1.0.0)
    tilt (1.3.3)

PLATFORMS
  ruby

DEPENDENCIES
  rack (>= 1.0.0)
  rack-reverse-proxy (= 0.4.4)!
  rack-ssl-enforcer
  sinatra (= 1.3.2)
  thin
